GEM
  remote: http://rubygems.org/
  specs:
    activesupport (3.1.3)
      multi_json (~> 1.0)
    awesome_print (1.0.2)
    diff-lcs (1.1.3)
    i18n (0.6.0)
    multi_json (1.0.3)
    pd (1.0.3)
    rspec (2.7.0)
      rspec-core (~> 2.7.0)
      rspec-expectations (~> 2.7.0)
      rspec-mocks (~> 2.7.0)
    rspec-core (2.7.1)
    rspec-expectations (2.7.0)
      diff-lcs (~> 1.1.2)
    rspec-mocks (2.7.0)
    watchr (0.7)

PLATFORMS
  ruby

DEPENDENCIES
  activesupport (~> 3.1.0)
  awesome_print
  i18n
  pd
  rspec
  watchr
